GEM
  remote: https://rubygems.org/
  specs:
    kramdown (2.3.0)
      rexml
    kramdown-parser-gfm (1.1.0)
      kramdown (~> 2.0)
    mdl (0.8.0)
      kramdown (~> 2.0)
      kramdown-parser-gfm (~> 1.0)
      mixlib-cli (~> 2.1, >= 2.1.1)
      mixlib-config (>= 2.2.1, < 4)
    mini_portile2 (2.5.0)
    mixlib-cli (2.1.1)
    mixlib-config (3.0.5)
      tomlrb
    nokogiri (1.11.0)
      mini_portile2 (~> 2.5.0)
      racc (~> 1.4)
    racc (1.5.2)
    rexml (3.2.4)
    tomlrb (1.2.9)

PLATFORMS
  ruby

DEPENDENCIES
  mdl (~> 0.8.0)
  nokogiri (~> 1.11.0)

BUNDLED WITH
   2.0.2
